GEM
  remote: https://rubygems.org/
  specs:
    actioncable (6.0.2.1)
      actionpack (= 6.0.2.1)
      nio4r (~> 2.0)
      websocket-driver (>= 0.6.1)
    actionmailbox (6.0.2.1)
      actionpack (= 6.0.2.1)
      activejob (= 6.0.2.1)
      activerecord (= 6.0.2.1)
      activestorage (= 6.0.2.1)
      activesupport (= 6.0.2.1)
      mail (>= 2.7.1)
    actionmailer (6.0.2.1)
      actionpack (= 6.0.2.1)
      actionview (= 6.0.2.1)
      activejob (= 6.0.2.1)
      mail (~> 2.5, >= 2.5.4)
      rails-dom-testing (~> 2.0)
    actionpack (6.0.2.1)
      actionview (= 6.0.2.1)
      activesupport (= 6.0.2.1)
      rack (~> 2.0, >= 2.0.8)
      rack-test (>= 0.6.3)
      rails-dom-testing (~> 2.0)
      rails-html-sanitizer (~> 1.0, >= 1.2.0)
    actiontext (6.0.2.1)
      actionpack (= 6.0.2.1)
      activerecord (= 6.0.2.1)
      activestorage (= 6.0.2.1)
      activesupport (= 6.0.2.1)
      nokogiri (>= 1.8.5)
    actionview (6.0.2.1)
      activesupport (= 6.0.2.1)
      builder (~> 3.1)
      erubi (~> 1.4)
      rails-dom-testing (~> 2.0)
      rails-html-sanitizer (~> 1.1, >= 1.2.0)
    active_storage_validations (0.8.5)
      rails (>= 5.2.0)
    activejob (6.0.2.1)
      activesupport (= 6.0.2.1)
      globalid (>= 0.3.6)
    activemodel (6.0.2.1)
      activesupport (= 6.0.2.1)
    activerecord (6.0.2.1)
      activemodel (= 6.0.2.1)
      activesupport (= 6.0.2.1)
    activestorage (6.0.2.1)
      actionpack (= 6.0.2.1)
      activejob (= 6.0.2.1)
      activerecord (= 6.0.2.1)
      marcel (~> 0.3.1)
    activesupport (6.0.2.1)
      concurrent-ruby (~> 1.0, >= 1.0.2)
      i18n (>= 0.7, < 2)
      minitest (~> 5.1)
      tzinfo (~> 1.1)
      zeitwerk (~> 2.2)
    addressable (2.7.0)
      public_suffix (>= 2.0.2, < 5.0)
    ast (2.4.0)
    aws-eventstream (1.0.3)
    aws-partitions (1.261.0)
    aws-sdk-core (3.86.0)
      aws-eventstream (~> 1.0, >= 1.0.2)
      aws-partitions (~> 1, >= 1.239.0)
      aws-sigv4 (~> 1.1)
      jmespath (~> 1.0)
    aws-sdk-kms (1.27.0)
      aws-sdk-core (~> 3, >= 3.71.0)
      aws-sigv4 (~> 1.1)
    aws-sdk-s3 (1.60.1)
      aws-sdk-core (~> 3, >= 3.83.0)
      aws-sdk-kms (~> 1)
      aws-sigv4 (~> 1.1)
    aws-sigv4 (1.1.0)
      aws-eventstream (~> 1.0, >= 1.0.2)
    backport (1.1.2)
    bcrypt (3.1.13)
    bcrypt (3.1.13-java)
    better_errors (2.5.1)
      coderay (>= 1.0.0)
      erubi (>= 1.0.0)
      rack (>= 0.9.0)
    bindex (0.8.1)
    binding_of_caller (0.8.0)
      debug_inspector (>= 0.0.1)
    bootsnap (1.4.5)
      msgpack (~> 1.0)
    bootsnap (1.4.5-java)
      msgpack (~> 1.0)
    brakeman (4.7.2)
    builder (3.2.4)
    bullet (6.1.0)
      activesupport (>= 3.0.0)
      uniform_notifier (~> 1.11)
    byebug (11.0.1)
    capybara (3.30.0)
      addressable
      mini_mime (>= 0.1.3)
      nokogiri (~> 1.8)
      rack (>= 1.6.0)
      rack-test (>= 0.6.3)
      regexp_parser (~> 1.5)
      xpath (~> 3.2)
    childprocess (3.0.0)
    code_analyzer (0.5.1)
      sexp_processor
    coderay (1.1.2)
    commonjs (0.2.7)
    concurrent-ruby (1.1.5)
    crass (1.0.5)
    daemons (1.3.1)
    database_cleaner (1.7.0)
    debug_inspector (0.0.3)
    devise (4.7.1)
      bcrypt (~> 3.0)
      orm_adapter (~> 0.1)
      railties (>= 4.1.0)
      responders
      warden (~> 1.2.3)
    devise-bootstrap-views (1.1.0)
    devise-jwt (0.6.0)
      devise (~> 4.0)
      warden-jwt_auth (~> 0.4)
    diff-lcs (1.3)
    dry-auto_inject (0.7.0)
      dry-container (>= 0.3.4)
    dry-configurable (0.9.0)
      concurrent-ruby (~> 1.0)
      dry-core (~> 0.4, >= 0.4.7)
    dry-container (0.7.2)
      concurrent-ruby (~> 1.0)
      dry-configurable (~> 0.1, >= 0.1.3)
    dry-core (0.4.9)
      concurrent-ruby (~> 1.0)
    erubi (1.9.0)
    erubis (2.7.0)
    eventmachine (1.2.7)
    execjs (2.7.0)
    factory_bot (5.1.1)
      activesupport (>= 4.2.0)
    factory_bot_rails (5.1.1)
      factory_bot (~> 5.1.0)
      railties (>= 4.2.0)
    ffi (1.11.3)
    ffi (1.11.3-java)
    ffi (1.11.3-x64-mingw32)
    ffi (1.11.3-x86-mingw32)
    globalid (0.4.2)
      activesupport (>= 4.2.0)
    haml (5.1.2)
      temple (>= 0.8.0)
      tilt
    i18n (1.7.0)
      concurrent-ruby (~> 1.0)
    jaro_winkler (1.5.4)
    jaro_winkler (1.5.4-java)
    jbuilder (2.9.1)
      activesupport (>= 4.2.0)
    jmespath (1.4.0)
    json (2.3.0)
    json (2.3.0-java)
    jwt (2.2.1)
    less (2.6.0)
      commonjs (~> 0.2.7)
    less-rails (4.0.0)
      actionpack (>= 4)
      less (~> 2.6.0)
      sprockets (>= 2)
    listen (3.1.5)
      rb-fsevent (~> 0.9, >= 0.9.4)
      rb-inotify (~> 0.9, >= 0.9.7)
      ruby_dep (~> 1.2)
    loofah (2.4.0)
      crass (~> 1.0.2)
      nokogiri (>= 1.5.9)
    mail (2.7.1)
      mini_mime (>= 0.1.1)
    mailcatcher (0.2.4)
      eventmachine
      haml
      i18n
      json
      mail
      sinatra
      skinny (>= 0.1.2)
      sqlite3-ruby
      thin
    marcel (0.3.3)
      mimemagic (~> 0.3.2)
    maruku (0.7.3)
    method_source (0.9.2)
    mimemagic (0.3.3)
    mini_mime (1.0.2)
    mini_portile2 (2.4.0)
    minitest (5.13.0)
    msgpack (1.3.1)
    msgpack (1.3.1-java)
    msgpack (1.3.1-x64-mingw32)
    msgpack (1.3.1-x86-mingw32)
    mustermann (1.1.1)
      ruby2_keywords (~> 0.0.1)
    nio4r (2.5.2)
    nio4r (2.5.2-java)
    nokogiri (1.10.7)
      mini_portile2 (~> 2.4.0)
    nokogiri (1.10.7-java)
    nokogiri (1.10.7-x64-mingw32)
      mini_portile2 (~> 2.4.0)
    nokogiri (1.10.7-x86-mingw32)
      mini_portile2 (~> 2.4.0)
    orm_adapter (0.5.0)
    parallel (1.19.1)
    parser (2.7.0.1)
      ast (~> 2.4.0)
    pg (1.2.0)
    pg (1.2.0-x64-mingw32)
    pg (1.2.0-x86-mingw32)
    pry (0.12.2)
      coderay (~> 1.1.0)
      method_source (~> 0.9.0)
    pry (0.12.2-java)
      coderay (~> 1.1.0)
      method_source (~> 0.9.0)
      spoon (~> 0.0)
    pry-byebug (3.7.0)
      byebug (~> 11.0)
      pry (~> 0.10)
    public_suffix (4.0.2)
    puma (4.3.1)
      nio4r (~> 2.0)
    puma (4.3.1-java)
      nio4r (~> 2.0)
    rack (2.0.8)
    rack-protection (2.0.8.1)
      rack
    rack-proxy (0.6.5)
      rack
    rack-test (1.1.0)
      rack (>= 1.0, < 3)
    rails (6.0.2.1)
      actioncable (= 6.0.2.1)
      actionmailbox (= 6.0.2.1)
      actionmailer (= 6.0.2.1)
      actionpack (= 6.0.2.1)
      actiontext (= 6.0.2.1)
      actionview (= 6.0.2.1)
      activejob (= 6.0.2.1)
      activemodel (= 6.0.2.1)
      activerecord (= 6.0.2.1)
      activestorage (= 6.0.2.1)
      activesupport (= 6.0.2.1)
      bundler (>= 1.3.0)
      railties (= 6.0.2.1)
      sprockets-rails (>= 2.0.0)
    rails-dom-testing (2.0.3)
      activesupport (>= 4.2.0)
      nokogiri (>= 1.6)
    rails-html-sanitizer (1.3.0)
      loofah (~> 2.3)
    rails_best_practices (1.19.5)
      activesupport
      code_analyzer (>= 0.5.1)
      erubis
      i18n
      json
      require_all (~> 3.0)
      ruby-progressbar
    railties (6.0.2.1)
      actionpack (= 6.0.2.1)
      activesupport (= 6.0.2.1)
      method_source
      rake (>= 0.8.7)
      thor (>= 0.20.3, < 2.0)
    rainbow (3.0.0)
    rake (13.0.1)
    rb-fsevent (0.10.3)
    rb-inotify (0.10.1)
      ffi (~> 1.0)
    regexp_parser (1.6.0)
    require_all (3.0.0)
    responders (3.0.0)
      actionpack (>= 5.0)
      railties (>= 5.0)
    reverse_markdown (1.3.0)
      nokogiri
    rspec-core (3.9.1)
      rspec-support (~> 3.9.1)
    rspec-expectations (3.9.0)
      diff-lcs (>= 1.2.0, < 2.0)
      rspec-support (~> 3.9.0)
    rspec-mocks (3.9.1)
      diff-lcs (>= 1.2.0, < 2.0)
      rspec-support (~> 3.9.0)
    rspec-rails (3.9.0)
      actionpack (>= 3.0)
      activesupport (>= 3.0)
      railties (>= 3.0)
      rspec-core (~> 3.9.0)
      rspec-expectations (~> 3.9.0)
      rspec-mocks (~> 3.9.0)
      rspec-support (~> 3.9.0)
    rspec-support (3.9.2)
    rubocop (0.78.0)
      jaro_winkler (~> 1.5.1)
      parallel (~> 1.10)
      parser (>= 2.6)
      rainbow (>= 2.2.2, < 4.0)
      ruby-progressbar (~> 1.7)
      unicode-display_width (>= 1.4.0, < 1.7)
    ruby-progressbar (1.10.1)
    ruby2_keywords (0.0.2)
    ruby_dep (1.5.0)
    rubyzip (2.0.0)
    sass-rails (6.0.0)
      sassc-rails (~> 2.1, >= 2.1.1)
    sassc (2.2.1)
      ffi (~> 1.9)
    sassc (2.2.1-x64-mingw32)
      ffi (~> 1.9)
    sassc (2.2.1-x86-mingw32)
      ffi (~> 1.9)
    sassc-rails (2.1.2)
      railties (>= 4.0.0)
      sassc (>= 2.0)
      sprockets (> 3.0)
      sprockets-rails
      tilt
    seedbank (0.5.0)
      rake (>= 10.0)
    selenium-webdriver (3.142.7)
      childprocess (>= 0.5, < 4.0)
      rubyzip (>= 1.2.2)
    sexp_processor (4.13.0)
    sinatra (2.0.8.1)
      mustermann (~> 1.0)
      rack (~> 2.0)
      rack-protection (= 2.0.8.1)
      tilt (~> 2.0)
    skinny (0.2.2)
      eventmachine (~> 1.0)
      thin
    solargraph (0.38.0)
      backport (~> 1.1)
      bundler (>= 1.17.2)
      jaro_winkler (~> 1.5)
      maruku (~> 0.7, >= 0.7.3)
      nokogiri (~> 1.9, >= 1.9.1)
      parser (~> 2.3)
      reverse_markdown (~> 1.0, >= 1.0.5)
      rubocop (~> 0.52)
      thor (~> 0.19, >= 0.19.4)
      tilt (~> 2.0)
      yard (~> 0.9)
    spoon (0.0.6)
      ffi
    spring (2.1.0)
    spring-watcher-listen (2.0.1)
      listen (>= 2.7, < 4.0)
      spring (>= 1.2, < 3.0)
    sprockets (4.0.0)
      concurrent-ruby (~> 1.0)
      rack (> 1, < 3)
    sprockets-rails (3.2.1)
      actionpack (>= 4.0)
      activesupport (>= 4.0)
      sprockets (>= 3.0.0)
    sqlite3 (1.4.2)
    sqlite3-ruby (1.3.3)
      sqlite3 (>= 1.3.3)
    temple (0.8.2)
    thin (1.7.2)
      daemons (~> 1.0, >= 1.0.9)
      eventmachine (~> 1.0, >= 1.0.4)
      rack (>= 1, < 3)
    thor (0.20.3)
    thread_safe (0.3.6)
    thread_safe (0.3.6-java)
    tilt (2.0.10)
    turbolinks (5.2.1)
      turbolinks-source (~> 5.2)
    turbolinks-source (5.2.0)
    twitter-bootstrap-rails (3.2.2)
      actionpack (>= 3.1)
      execjs (>= 2.2.2, >= 2.2)
      less-rails (>= 2.5.0)
      railties (>= 3.1)
    tzinfo (1.2.6)
      thread_safe (~> 0.1)
    tzinfo-data (1.2019.3)
      tzinfo (>= 1.0.0)
    unicode-display_width (1.6.0)
    uniform_notifier (1.13.0)
    warden (1.2.8)
      rack (>= 2.0.6)
    warden-jwt_auth (0.4.0)
      dry-auto_inject (~> 0.6)
      dry-configurable (~> 0.8)
      jwt (~> 2.1)
      warden (~> 1.2)
    web-console (4.0.1)
      actionview (>= 6.0.0)
      activemodel (>= 6.0.0)
      bindex (>= 0.4.0)
      railties (>= 6.0.0)
    webdrivers (4.2.0)
      nokogiri (~> 1.6)
      rubyzip (>= 1.3.0)
      selenium-webdriver (>= 3.0, < 4.0)
    webpacker (4.2.2)
      activesupport (>= 4.2)
      rack-proxy (>= 0.6.1)
      railties (>= 4.2)
    websocket-driver (0.7.1)
      websocket-extensions (>= 0.1.0)
    websocket-driver (0.7.1-java)
      websocket-extensions (>= 0.1.0)
    websocket-extensions (0.1.4)
    xpath (3.2.0)
      nokogiri (~> 1.8)
    yard (0.9.22)
    zeitwerk (2.2.2)

PLATFORMS
  java
  ruby
  x64-mingw32
  x86-mingw32
  x86-mswin32

DEPENDENCIES
  active_storage_validations
  aws-sdk-s3
  better_errors
  binding_of_caller
  bootsnap (>= 1.4.2)
  brakeman
  bullet
  byebug
  capybara (>= 2.15)
  database_cleaner
  devise
  devise-bootstrap-views (~> 1.0)
  devise-jwt
  factory_bot_rails
  jbuilder (~> 2.7)
  listen (>= 3.0.5, < 3.2)
  mailcatcher
  pg
  pry-byebug
  puma (~> 4.1)
  rails (~> 6.0.2, >= 6.0.2.1)
  rails_best_practices
  rspec-rails
  rubocop
  sass-rails (>= 6)
  seedbank
  selenium-webdriver
  solargraph
  spring
  spring-watcher-listen (~> 2.0.0)
  turbolinks (~> 5)
  twitter-bootstrap-rails
  tzinfo-data
  web-console (>= 3.3.0)
  webdrivers
  webpacker (~> 4.0)

RUBY VERSION
   ruby 2.6.5p114

BUNDLED WITH
   2.1.2
